GEM
  remote: https://rubygems.org/
  specs:
    grpc-tools (1.42.0)

PLATFORMS
  ruby

DEPENDENCIES
  grpc-tools (~> 1.42.0)

BUNDLED WITH
   2.3.24
